GEM
  remote: https://rubygems.org/
  specs:
    awesome_print (1.2.0)
    bencode (0.8.1)
    bitarray (0.0.1)
    colorize (0.7.3)
    diff-lcs (1.2.5)
    eventmachine (1.0.3)
    rspec (3.0.0)
      rspec-core (~> 3.0.0)
      rspec-expectations (~> 3.0.0)
      rspec-mocks (~> 3.0.0)
    rspec-core (3.0.0)
      rspec-support (~> 3.0.0)
    rspec-expectations (3.0.0)
      diff-lcs (>= 1.2.0, < 2.0)
      rspec-support (~> 3.0.0)
    rspec-mocks (3.0.1)
      rspec-support (~> 3.0.0)
    rspec-support (3.0.0)

PLATFORMS
  ruby

DEPENDENCIES
  awesome_print
  bencode
  bitarray
  colorize
  eventmachine
  rspec
